GEM
  remote: https://rubygems.org/
  specs:
    ast (2.4.0)
    coderay (1.1.2)
    erubis (2.7.0)
    eventmachine (1.2.7)
    gem-ctags (1.0.9)
    gist (5.0.0)
    htmlentities (4.3.4)
    jaro_winkler (1.5.1)
    kramdown (1.17.0)
    mini_portile2 (2.5.1)
    msgpack (1.2.4)
    multi_json (1.13.1)
    neovim (0.7.1)
      msgpack (~> 1.1)
      multi_json (~> 1.0)
    nokogiri (1.11.4)
      mini_portile2 (~> 2.5.0)
      racc (~> 1.4)
    parallel (1.12.1)
    parser (2.5.1.2)
      ast (~> 2.4.0)
    powerpack (0.1.2)
    racc (1.5.2)
    rainbow (3.0.0)
    reverse_markdown (1.1.0)
      nokogiri
    rubocop (0.59.2)
      jaro_winkler (~> 1.5.1)
      parallel (~> 1.10)
      parser (>= 2.5, != 2.5.1.1)
      powerpack (~> 0.1)
      rainbow (>= 2.2.2, < 4.0)
      ruby-progressbar (~> 1.7)
      unicode-display_width (~> 1.0, >= 1.0.1)
    ruby-progressbar (1.10.0)
    solargraph (0.28.2)
      coderay (~> 1.1)
      eventmachine (~> 1.2, >= 1.2.5)
      htmlentities (~> 4.3, >= 4.3.4)
      kramdown (~> 1.16)
      parser (~> 2.4)
      reverse_markdown (~> 1.0, >= 1.0.5)
      rubocop (~> 0.52)
      thor (~> 0.19, >= 0.19.4)
      tilt (~> 2.0)
      yard (~> 0.9)
    thor (0.20.0)
    tilt (2.0.8)
    tmuxinator (0.12.0)
      erubis (~> 2.6)
      thor (~> 0.19, >= 0.15.0)
      xdg (~> 2.2, >= 2.2.3)
    unicode-display_width (1.4.0)
    xdg (2.2.3)
    yard (0.9.24)

PLATFORMS
  ruby

DEPENDENCIES
  gem-ctags
  gist
  neovim
  solargraph
  tmuxinator

BUNDLED WITH
   1.16.2
